GEM
  remote: https://rubygems.org/
  specs:
    builder (3.2.3)
    jwt (1.5.6)
    multi_json (1.12.1)
    rack (1.6.5)
    rack-protection (1.5.3)
      rack
    sinatra (1.4.8)
      rack (~> 1.5)
      rack-protection (~> 1.4)
      tilt (>= 1.3, < 3)
    tilt (2.0.7)
    twilio-ruby (4.13.0)
      builder (>= 2.1.2)
      jwt (~> 1.0)
      multi_json (>= 1.3.0)

PLATFORMS
  ruby

DEPENDENCIES
  bundler (= 1.14.6)
  rack (= 1.6.5)
  rack-protection (= 1.5.3)
  sinatra (= 1.4.8)
  tilt (= 2.0.7)
  twilio-ruby (= 4.13.0)

RUBY VERSION
   ruby 2.3.0p0

BUNDLED WITH
   1.14.6
